PATH
  remote: .
  specs:
    vraptor-scaffold (1.2.1)
      activesupport (= 3.0.1)
      rake (= 0.8.7)
      restfulie (~> 1.0.0)
      thor (= 0.14.6)

GEM
  remote: http://rubygems.org/
  specs:
    ZenTest (4.4.0)
    abstract (1.0.0)
    actionpack (3.0.1)
      activemodel (= 3.0.1)
      activesupport (= 3.0.1)
      builder (~> 2.1.2)
      erubis (~> 2.6.6)
      i18n (~> 0.4.1)
      rack (~> 1.2.1)
      rack-mount (~> 0.6.12)
      rack-test (~> 0.5.4)
      tzinfo (~> 0.3.23)
    activemodel (3.0.1)
      activesupport (= 3.0.1)
      builder (~> 2.1.2)
      i18n (~> 0.4.1)
    activesupport (3.0.1)
    builder (2.1.2)
    erubis (2.6.6)
      abstract (>= 1.0.0)
    i18n (0.4.2)
    json_pure (1.5.1)
    medie (1.0.0)
      actionpack (>= 3.0.0)
      activesupport
      json_pure
      methodize
    methodize (0.1)
    nokogiri (1.4.4)
    rack (1.2.2)
    rack-conneg (0.1.4)
      rack (>= 1.0)
    rack-mount (0.6.14)
      rack (>= 1.0.0)
    rack-test (0.5.7)
      rack (>= 1.0)
    rake (0.8.7)
    rcov (0.9.9)
    respondie (0.9.0)
    restfulie (1.0.0)
      json_pure (>= 1.2.4)
      medie (~> 1.0.0)
      nokogiri (>= 1.4.2)
      rack-conneg
      respondie (~> 0.9.0)
      tokamak (~> 1.1.2)
    rspec (1.3.1)
    thor (0.14.6)
    tokamak (1.1.5)
      json_pure
      nokogiri
    tzinfo (0.3.26)

PLATFORMS
  ruby

DEPENDENCIES
  ZenTest (= 4.4.0)
  rcov (= 0.9.9)
  rspec (= 1.3.1)
  vraptor-scaffold!
