GEM
  remote: http://rubygems.org/
  specs:
    ZenTest (4.4.0)
    activesupport (3.0.1)
    columnize (0.3.2)
    gemcutter (0.6.1)
    git (1.2.5)
    jeweler (1.4.0)
      gemcutter (>= 0.1.0)
      git (>= 1.2.5)
      rubyforge (>= 2.0.0)
    json_pure (1.4.6)
    linecache (0.43)
    rake (0.8.7)
    rcov (0.9.9)
    rspec (1.3.1)
    ruby-debug (0.10.4)
      columnize (>= 0.1)
      ruby-debug-base (~> 0.10.4.0)
    ruby-debug-base (0.10.4)
      linecache (>= 0.3)
    rubyforge (2.0.4)
      json_pure (>= 1.1.7)
    thor (0.14.4)

PLATFORMS
  ruby

DEPENDENCIES
  ZenTest (= 4.4.0)
  activesupport (= 3.0.1)
  jeweler (= 1.4.0)
  rake (= 0.8.7)
  rcov (= 0.9.9)
  rspec (= 1.3.1)
  ruby-debug
  thor (= 0.14.4)
