PATH
  remote: .
  specs:
    vraptor-scaffold (0.0.1)
      activesupport (= 3.0.1)
      thor (= 0.14.6)

GEM
  remote: http://rubygems.org/
  specs:
    ZenTest (4.4.0)
    activesupport (3.0.1)
    columnize (0.3.2)
    linecache (0.43)
    rake (0.8.7)
    rcov (0.9.9)
    rspec (1.3.1)
    ruby-debug (0.10.4)
      columnize (>= 0.1)
      ruby-debug-base (~> 0.10.4.0)
    ruby-debug-base (0.10.4)
      linecache (>= 0.3)
    thor (0.14.6)

PLATFORMS
  ruby

DEPENDENCIES
  ZenTest (= 4.4.0)
  activesupport (= 3.0.1)
  rake (= 0.8.7)
  rcov (= 0.9.9)
  rspec (= 1.3.1)
  ruby-debug
  thor (= 0.14.6)
  vraptor-scaffold!
